GEM
  remote: https://rubygems.org/
  specs:
    babel-source (5.8.26)
    babel-transpiler (0.7.0)
      babel-source (>= 4.0, < 6)
      execjs (~> 2.0)
    execjs (2.5.2)
    rack (1.6.4)
    rack-protection (1.5.3)
      rack
    sass (3.4.18)
    sinatra (1.4.6)
      rack (~> 1.4)
      rack-protection (~> 1.4)
      tilt (>= 1.3, < 3)
    sprockets (3.3.4)
      rack (~> 1.0)
    sprockets-es6 (0.8.0)
      babel-source (>= 5.8.11)
      babel-transpiler
      sprockets (>= 3.0.0)
    tilt (2.0.1)

PLATFORMS
  ruby

DEPENDENCIES
  sass (~> 3.4.18)
  sinatra (~> 1.4.6)
  sprockets (~> 3.0)
  sprockets-es6 (~> 0.8.0)

BUNDLED WITH
   1.10.6
