GEM
  remote: https://rubygems.org/
  specs:
    babel-source (5.8.26)
    babel-transpiler (0.7.0)
      babel-source (>= 4.0, < 6)
      execjs (~> 2.0)
    execjs (2.5.2)
    hike (1.2.3)
    libv8 (3.16.14.11)
    opal (0.8.0)
      hike (~> 1.2)
      sourcemap (~> 0.1.0)
      sprockets (~> 3.1)
      tilt (>= 1.4)
    opal-activesupport (0.1.0)
      opal (>= 0.5.0, < 1.0.0)
    rack (1.6.4)
    rack-protection (1.5.3)
      rack
    react.rb (0.2.0)
      opal (~> 0.6)
      opal-activesupport (~> 0)
      sprockets-es6 (~> 0)
      therubyracer (~> 0)
    ref (2.0.0)
    sass (3.4.18)
    sinatra (1.4.6)
      rack (~> 1.4)
      rack-protection (~> 1.4)
      tilt (>= 1.3, < 3)
    sourcemap (0.1.1)
    sprockets (3.3.4)
      rack (~> 1.0)
    sprockets-es6 (0.8.0)
      babel-source (>= 5.8.11)
      babel-transpiler
      sprockets (>= 3.0.0)
    therubyracer (0.12.2)
      libv8 (~> 3.16.14.0)
      ref
    tilt (2.0.1)

PLATFORMS
  ruby

DEPENDENCIES
  opal (~> 0.8.0)
  react.rb
  sass (~> 3.4.18)
  sinatra (~> 1.4.6)
  sprockets (~> 3.0)
  sprockets-es6 (~> 0.8.0)

BUNDLED WITH
   1.10.6
