GIT
  remote: https://github.com/zetachang/react.rb
  revision: ea935b0f90f6c4a4521134badf0b31b0cd4d3f5b
  branch: reactive-ruby
  specs:
    reactive-ruby (0.7.16)
      opal
      opal-activesupport
      opal-browser

GEM
  remote: https://rubygems.org/
  specs:
    babel-source (5.8.26)
    babel-transpiler (0.7.0)
      babel-source (>= 4.0, < 6)
      execjs (~> 2.0)
    execjs (2.5.2)
    hike (1.2.3)
    opal (0.8.0)
      hike (~> 1.2)
      sourcemap (~> 0.1.0)
      sprockets (~> 3.1)
      tilt (>= 1.4)
    opal-activesupport (0.1.0)
      opal (>= 0.5.0, < 1.0.0)
    opal-browser (0.2.0)
      opal
      paggio
    paggio (0.2.4)
    rack (1.6.4)
    rack-protection (1.5.3)
      rack
    sass (3.4.18)
    sinatra (1.4.6)
      rack (~> 1.4)
      rack-protection (~> 1.4)
      tilt (>= 1.3, < 3)
    sourcemap (0.1.1)
    sprockets (3.3.4)
      rack (~> 1.0)
    sprockets-es6 (0.8.0)
      babel-source (>= 5.8.11)
      babel-transpiler
      sprockets (>= 3.0.0)
    tilt (2.0.1)

PLATFORMS
  ruby

DEPENDENCIES
  opal (~> 0.8.0)
  reactive-ruby!
  sass (~> 3.4.18)
  sinatra (~> 1.4.6)
  sprockets (~> 3.0)
  sprockets-es6 (~> 0.8.0)

BUNDLED WITH
   1.10.6
